GEM
  remote: https://rubygems.org/
  specs:
    exifr (1.2.4)
    highline (2.0.0)
    options (2.3.2)
    progress_bar (1.3.0)
      highline (>= 1.6, < 3)
      options (~> 2.3.0)

PLATFORMS
  ruby
  x64-mingw32
  x86-mingw32

DEPENDENCIES
  exifr
  progress_bar

BUNDLED WITH
   1.16.5
