GEM
  remote: https://rubygems.org/
  specs:
    exifr (1.2.4)

PLATFORMS
  x64-mingw32
  x86-mingw32

DEPENDENCIES
  exifr

BUNDLED WITH
   1.15.4
