GEM
  remote: https://rubygems.org/
  specs:
    exifr (1.2.4)

PLATFORMS
  x86-mingw32

DEPENDENCIES
  exifr

BUNDLED WITH
   1.11.2
